GEM
  remote: https://rubygems.org/
  specs:
    sorbet (0.4.4250)
    sorbet-runtime (0.5.10461)
    tapioca (0.0.1)

PLATFORMS
  x86_64-linux

DEPENDENCIES
  sorbet
  sorbet-runtime
  tapioca

BUNDLED WITH
   2.3.26
