GEM
  remote: https://rubygems.org/
  specs:
    ast (2.4.2)
    json (2.5.1)
    language_server-protocol (3.17.0.2)
    parallel (1.22.1)
    parser (3.1.3.0)
      ast (~> 2.4.1)
    prettier_print (1.1.0)
    rainbow (3.1.1)
    regexp_parser (2.6.1)
    rexml (3.2.5)
    rubocop (1.39.0)
      json (~> 2.3)
      parallel (~> 1.10)
      parser (>= 3.1.2.1)
      rainbow (>= 2.2.2, < 4.0)
      regexp_parser (>= 1.8, < 3.0)
      rexml (>= 3.2.5, < 4.0)
      rubocop-ast (>= 1.23.0, < 2.0)
      ruby-progressbar (~> 1.7)
      unicode-display_width (>= 1.4.0, < 3.0)
    rubocop-ast (1.24.0)
      parser (>= 3.1.1.0)
    ruby-lsp (0.3.6)
      language_server-protocol (~> 3.17.0)
      sorbet-runtime
      syntax_tree (>= 4.0.2, < 5.0.0)
    ruby-progressbar (1.11.0)
    sorbet-runtime (0.5.10565)
    syntax_tree (4.3.0)
      prettier_print (>= 1.0.2)
    unicode-display_width (2.3.0)

PLATFORMS
  x86_64-linux

DEPENDENCIES
  rubocop (~> 1.39)
  ruby-lsp (~> 0.3.6)

BUNDLED WITH
   2.3.26
